PATH
  remote: .
  specs:
    fluent-plugin-s3 (0.2.6)
      aws-sdk (~> 1.7)
      fluentd (~> 0.10.0)
      yajl-ruby (~> 1.0)

GEM
  remote: http://rubygems.org/
  specs:
    aws-sdk (1.8.1.2)
      json (~> 1.4)
      nokogiri (>= 1.4.4)
      uuidtools (~> 2.1)
    cool.io (1.1.0)
      iobuffer (>= 1.0.0)
    flexmock (1.3.0)
    fluentd (0.10.31)
      cool.io (~> 1.1.0)
      http_parser.rb (~> 0.5.1)
      json (>= 1.4.3)
      msgpack (~> 0.4.4)
      yajl-ruby (~> 1.0)
    http_parser.rb (0.5.3)
    iobuffer (1.1.2)
    json (1.7.6)
    msgpack (0.4.7)
    nokogiri (1.5.6)
    rake (10.0.3)
    uuidtools (2.1.3)
    yajl-ruby (1.1.0)

PLATFORMS
  ruby

DEPENDENCIES
  flexmock (>= 1.2.0)
  fluent-plugin-s3!
  rake (>= 0.9.2)
